GIT
  remote: http://github.com/pbrisbin/skype
  revision: 971f56ee0cfea01552c9552c25ce481147bf9c86
  specs:
    skype (0.0.1)
      ruby-dbus (~> 0.6.0)

GEM
  remote: http://rubygems.org/
  specs:
    fakefs (0.4.0)
    faster_xml_simple (0.5.0)
      libxml-ruby (>= 0.3.8.4)
    libxml-ruby (2.2.2)
    nokogiri (1.5.0)
    ruby-dbus (0.6.0)

PLATFORMS
  ruby

DEPENDENCIES
  fakefs
  faster_xml_simple
  nokogiri
  skype!
