GIT
  remote: http://github.com/pbrisbin/skype
  revision: 971f56ee0cfea01552c9552c25ce481147bf9c86
  specs:
    skype (0.0.1)
      ruby-dbus (~> 0.6.0)

GEM
  remote: http://rubygems.org/
  specs:
    rack (1.3.5)
    ruby-dbus (0.6.0)

PLATFORMS
  ruby

DEPENDENCIES
  rack
  skype!
