GIT
  remote: http://github.com/nfelger/rype
  revision: 0b482ce817f6147b9e2338957f0efdde2753e8cb
  specs:
    rype (0.0.4)
      ruby-dbus (>= 0.6)

GEM
  remote: http://rubygems.org/
  specs:
    fakefs (0.4.0)
    faster_xml_simple (0.5.0)
      libxml-ruby (>= 0.3.8.4)
    libxml-ruby (2.2.2)
    metaclass (0.0.1)
    mocha (0.10.5)
      metaclass (~> 0.0.1)
    nokogiri (1.5.0)
    ruby-dbus (0.7.0)

PLATFORMS
  ruby

DEPENDENCIES
  fakefs
  faster_xml_simple
  mocha
  nokogiri
  rype!
