GIT
  remote: http://github.com/pbrisbin/skype
  revision: 971f56ee0cfea01552c9552c25ce481147bf9c86
  specs:
    skype (0.0.1)
      ruby-dbus (~> 0.6.0)

GEM
  remote: http://rubygems.org/
  specs:
    git (1.2.5)
    jeweler (1.6.4)
      bundler (~> 1.0)
      git (>= 1.2.5)
      rake
    rake (0.9.2.2)
    rcov (0.9.11)
    ruby-dbus (0.6.0)

PLATFORMS
  ruby

DEPENDENCIES
  bundler
  jeweler
  rake
  rcov
  skype!
