GIT
  remote: http://github.com/nfelger/rype
  revision: 9529e1de7394ccee306743b9bc08d2c55ca6dd8a
  specs:
    rype (0.0.2)
      ruby-dbus (>= 0.6)

GEM
  remote: http://rubygems.org/
  specs:
    fakefs (0.4.0)
    faster_xml_simple (0.5.0)
      libxml-ruby (>= 0.3.8.4)
    libxml-ruby (2.2.2)
    nokogiri (1.5.0)
    ruby-dbus (0.7.0)

PLATFORMS
  ruby

DEPENDENCIES
  fakefs
  faster_xml_simple
  nokogiri
  rype!
